GIT
  remote: https://github.com/romanbsd/tire.git
  revision: 4c64bc0d05d6dcb7c61c2d836c3eb7d7719e7af2
  specs:
    tire (0.4.2)
      activemodel (>= 3.0)
      hashr (~> 0.0.19)
      multi_json (~> 1.0)
      rake
      rest-client (~> 1.6)

GEM
  remote: http://rubygems.org/
  specs:
    SystemTimer (1.2.3)
    actionmailer (3.2.3)
      actionpack (= 3.2.3)
      mail (~> 2.4.4)
    actionpack (3.2.3)
      activemodel (= 3.2.3)
      activesupport (= 3.2.3)
      builder (~> 3.0.0)
      erubis (~> 2.7.0)
      journey (~> 1.0.1)
      rack (~> 1.4.0)
      rack-cache (~> 1.2)
      rack-test (~> 0.6.1)
      sprockets (~> 2.1.2)
    activemodel (3.2.3)
      activesupport (= 3.2.3)
      builder (~> 3.0.0)
    activerecord (3.2.3)
      activemodel (= 3.2.3)
      activesupport (= 3.2.3)
      arel (~> 3.0.2)
      tzinfo (~> 0.3.29)
    activeresource (3.2.3)
      activemodel (= 3.2.3)
      activesupport (= 3.2.3)
    activesupport (3.2.3)
      i18n (~> 0.6)
      multi_json (~> 1.0)
    arel (3.0.2)
    bson (1.6.2)
    bson_ext (1.6.2)
      bson (~> 1.6.2)
    builder (3.0.0)
    chronic (0.6.7)
    ci_reporter (1.6.9)
      builder (>= 2.1.2)
    daemon_controller (1.0.0)
    daemons (1.1.8)
    database_cleaner (0.6.7)
    erubis (2.7.0)
    eventmachine (0.12.10)
    faker (0.9.5)
      i18n (~> 0.4)
    fastthread (1.0.7)
    graylog2-declarative_authorization (0.5.2)
    hashr (0.0.21)
    hike (1.2.1)
    home_run (1.0.6)
    i18n (0.6.0)
    journey (1.0.3)
    json (1.7.1)
    kaminari (0.13.0)
      actionpack (>= 3.0.0)
      activesupport (>= 3.0.0)
      railties (>= 3.0.0)
    machinist (1.0.6)
    machinist_mongo (1.2.0)
      machinist (~> 1.0.6)
    mail (2.4.4)
      i18n (>= 0.4.0)
      mime-types (~> 1.16)
      treetop (~> 1.4.8)
    mime-types (1.18)
    mocha (0.9.12)
    mongo (1.6.2)
      bson (~> 1.6.2)
    mongoid (2.4.9)
      activemodel (~> 3.1)
      mongo (~> 1.3)
      tzinfo (~> 0.3.22)
    multi_json (1.3.4)
    newrelic_rpm (3.3.4.1)
    passenger (3.0.12)
      daemon_controller (>= 0.2.5)
      fastthread (>= 1.0.1)
      rack
      rake (>= 0.8.1)
    polyglot (0.3.3)
    pony (1.4)
      mail (> 2.0)
    rack (1.4.1)
    rack-cache (1.2)
      rack (>= 0.4)
    rack-ssl (1.3.2)
      rack
    rack-test (0.6.1)
      rack (>= 1.0)
    rails (3.2.3)
      actionmailer (= 3.2.3)
      actionpack (= 3.2.3)
      activerecord (= 3.2.3)
      activeresource (= 3.2.3)
      activesupport (= 3.2.3)
      bundler (~> 1.0)
      railties (= 3.2.3)
    rails_autolink (1.0.7)
      rails (~> 3.1)
    railties (3.2.3)
      actionpack (= 3.2.3)
      activesupport (= 3.2.3)
      rack-ssl (~> 1.3.2)
      rake (>= 0.8.7)
      rdoc (~> 3.4)
      thor (~> 0.14.6)
    rake (0.9.2.2)
    rdoc (3.12)
      json (~> 1.4)
    rest-client (1.6.7)
      mime-types (>= 1.16)
    rpm_contrib (2.1.9)
      newrelic_rpm (>= 3.1.1)
      newrelic_rpm (>= 3.1.1)
    shoulda (2.11.3)
    shoulda-activemodel (0.0.2)
      shoulda (>= 2.11.0)
    sprockets (2.1.3)
      hike (~> 1.2)
      rack (~> 1.0)
      tilt (~> 1.1, != 1.3.0)
    thin (1.3.1)
      daemons (>= 1.0.9)
      eventmachine (>= 0.12.6)
      rack (>= 1.0.0)
    thor (0.14.6)
    tilt (1.3.3)
    timecop (0.3.5)
    treetop (1.4.10)
      polyglot
      polyglot (>= 0.3.1)
    tzinfo (0.3.33)

PLATFORMS
  ruby

DEPENDENCIES
  SystemTimer (~> 1.2.3)
  bson (~> 1.6.2)
  bson_ext (~> 1.6.2)
  chronic (~> 0.6.7)
  ci_reporter (~> 1.6.4)
  database_cleaner (~> 0.6.0)
  faker (~> 0.9.5)
  graylog2-declarative_authorization (~> 0.5.2)
  home_run (~> 1.0)
  json (~> 1.5)
  kaminari (~> 0.13)
  machinist_mongo (~> 1.2.0)
  mocha (~> 0.9.12)
  mongoid (= 2.4.9)
  passenger (~> 3.0.9)
  pony (~> 1.1)
  rails (~> 3.2.3)
  rails_autolink (~> 1.0.4)
  rake (~> 0.9.2)
  rpm_contrib (~> 2.1.1)
  shoulda (~> 2.11.3)
  shoulda-activemodel (= 0.0.2)
  thin
  timecop (~> 0.3.5)
  tire!
